GEM
  remote: https://rubygems.org/
  specs:
    activesupport (3.0.0)
    bson (1.3.1)
    diff-lcs (1.2.5)
    ffi (1.9.3)
    nice-ffi (0.4)
      ffi (>= 0.5.0)
    rake (10.1.1)
    rspec (2.14.1)
      rspec-core (~> 2.14.0)
      rspec-expectations (~> 2.14.0)
      rspec-mocks (~> 2.14.0)
    rspec-core (2.14.8)
    rspec-expectations (2.14.5)
      diff-lcs (>= 1.1.3, < 2.0)
    rspec-mocks (2.14.6)
    ruby-sdl-ffi (0.4)
      nice-ffi (>= 0.2)
    rubygame (2.6.4)
      rake (>= 0.7.0)
      ruby-sdl-ffi (>= 0.1.0)

PLATFORMS
  ruby

DEPENDENCIES
  activesupport
  bson
  rspec
  rubygame

BUNDLED WITH
   1.10.3
